GEM
  remote: https://rubygems.org/
  specs:
    diff-lcs (1.5.1)
    erubi (1.12.0)
    neatjson (0.10.5)
    netrc (0.11.0)
    parallel (1.24.0)
    prism (0.24.0)
    rbi (0.1.9)
      prism (>= 0.18.0, < 0.25)
      sorbet-runtime (>= 0.5.9204)
    rspec (3.13.0)
      rspec-core (~> 3.13.0)
      rspec-expectations (~> 3.13.0)
      rspec-mocks (~> 3.13.0)
    rspec-core (3.13.0)
      rspec-support (~> 3.13.0)
    rspec-expectations (3.13.0)
      diff-lcs (>= 1.2.0, < 2.0)
      rspec-support (~> 3.13.0)
    rspec-mocks (3.13.0)
      diff-lcs (>= 1.2.0, < 2.0)
      rspec-support (~> 3.13.0)
    rspec-support (3.13.1)
    sorbet (0.5.11327)
      sorbet-static (= 0.5.11327)
    sorbet-runtime (0.5.11327)
    sorbet-static (0.5.11327-universal-darwin)
    sorbet-static-and-runtime (0.5.11327)
      sorbet (= 0.5.11327)
      sorbet-runtime (= 0.5.11327)
    spoom (1.3.0)
      erubi (>= 1.10.0)
      prism (>= 0.19.0)
      sorbet-static-and-runtime (>= 0.5.10187)
      thor (>= 0.19.2)
    tapioca (0.13.1)
      bundler (>= 2.2.25)
      netrc (>= 0.11.0)
      parallel (>= 1.21.0)
      rbi (>= 0.1.4, < 0.2)
      sorbet-static-and-runtime (>= 0.5.11087)
      spoom (>= 1.2.0)
      thor (>= 1.2.0)
      yard-sorbet
    thor (1.3.1)
    yard (0.9.36)
    yard-sorbet (0.8.1)
      sorbet-runtime (>= 0.5)
      yard (>= 0.9)

PLATFORMS
  arm64-darwin-21

DEPENDENCIES
  neatjson
  rspec
  sorbet
  sorbet-runtime
  tapioca

RUBY VERSION
   ruby 3.2.1p31

BUNDLED WITH
   2.4.15
